GIT
  remote: https://github.com/dhallman/rake-pro
  revision: a601a0726394e4365151f21c5f07a425995128ec
  branch: master
  specs:
    rake-pro (0.1.4)
      awesome_print (~> 1.8)
      hashie (~> 3.5)
      json (~> 2.1)
      json-minify (~> 0.0)
      mysql2
      net-ssh-gateway (~> 2.0)
      open4 (~> 1.3)
      openssl (~> 2.1)
      pg (~> 1.0)
      rake
      sequel (~> 5.6)

GEM
  remote: https://rubygems.org/
  specs:
    awesome_print (1.8.0)
    hashie (3.5.7)
    json (2.1.0)
    json-minify (0.0.3)
      json (> 0)
    mysql2 (0.5.1)
    net-ssh (5.0.1)
    net-ssh-gateway (2.0.0)
      net-ssh (>= 4.0.0)
    open4 (1.3.4)
    openssl (2.1.1)
    pg (1.0.0)
    rake (12.3.1)
    sequel (5.9.0)

PLATFORMS
  ruby

DEPENDENCIES
  mysql2
  rake
  rake-pro!

BUNDLED WITH
   1.15.4
